GIT
  remote: git://github.com/sinatra/sinatra.git
  revision: 91477e6dad7c9d8eb1c358e47b9d83b73d626f84
  specs:
    rack-protection (2.1.0)
      rack
    sinatra (2.1.0)
      mustermann (~> 1.0)
      rack (~> 2.2)
      rack-protection (= 2.1.0)
      tilt (~> 2.0)

GEM
  remote: https://rubygems.org/
  specs:
    mustermann (1.1.1)
      ruby2_keywords (~> 0.0.1)
    rack (2.2.3)
    ruby2_keywords (0.0.2)
    sinatra-cross_origin (0.3.2)
    tilt (2.0.10)

PLATFORMS
  ruby

DEPENDENCIES
  sinatra!
  sinatra-cross_origin (~> 0.3.1)

BUNDLED WITH
   1.17.2
